GEM
  remote: https://rubygems.org/
  specs:
    ast (2.4.0)
    concurrent-ruby (1.0.5)
    dry-configurable (0.7.0)
      concurrent-ruby (~> 1.0)
    dry-container (0.6.0)
      concurrent-ruby (~> 1.0)
      dry-configurable (~> 0.1, >= 0.1.3)
    dry-core (0.4.7)
      concurrent-ruby (~> 1.0)
    dry-equalizer (0.2.1)
    dry-events (0.1.0)
      concurrent-ruby (~> 1.0)
      dry-core (~> 0.4)
      dry-equalizer (~> 0.2)
    dry-matcher (0.7.0)
    dry-monads (1.0.1)
      concurrent-ruby (~> 1.0)
      dry-core (~> 0.4, >= 0.4.4)
      dry-equalizer
    dry-transaction (0.13.0)
      dry-container (>= 0.2.8)
      dry-events (>= 0.1.0)
      dry-matcher (>= 0.7.0)
      dry-monads (>= 0.4.0)
    jaro_winkler (1.5.1)
    parallel (1.12.1)
    parser (2.5.1.2)
      ast (~> 2.4.0)
    powerpack (0.1.2)
    rainbow (3.0.0)
    rubocop (0.59.2)
      jaro_winkler (~> 1.5.1)
      parallel (~> 1.10)
      parser (>= 2.5, != 2.5.1.1)
      powerpack (~> 0.1)
      rainbow (>= 2.2.2, < 4.0)
      ruby-progressbar (~> 1.7)
      unicode-display_width (~> 1.0, >= 1.0.1)
    ruby-progressbar (1.10.0)
    unicode-display_width (1.4.0)

PLATFORMS
  ruby

DEPENDENCIES
  dry-monads
  dry-transaction
  rubocop

BUNDLED WITH
   1.16.5
